GEM
  remote: https://rubygems.org/
  specs:
    alfred-workflow (1.9.1)
      plist (>= 3.1.0)
    excon (0.25.3)
    json (1.8.0)
    little-plugger (1.1.3)
    logging (1.8.1)
      little-plugger (>= 1.1.3)
      multi_json (>= 1.3.6)
    multi_json (1.8.0)
    netrc (0.7.7)
    plist (3.1.0)

PLATFORMS
  ruby

DEPENDENCIES
  alfred-workflow
  excon
  json
  logging
  netrc
  plist
